GEM
  remote: https://rubygems.org/
  specs:
    coderay (1.0.9)
    ffi (1.9.0)
    formatador (0.2.4)
    guard (1.8.1)
      formatador (>= 0.2.4)
      listen (>= 1.0.0)
      lumberjack (>= 1.0.2)
      pry (>= 0.9.10)
      thor (>= 0.14.6)
    guard-haml (0.5)
      guard (>= 1.1)
      haml (>= 3.0)
    guard-minitest (1.0.0)
      guard (>= 1.8)
      minitest (>= 2.1)
    guard-sass (1.3.2)
      guard (>= 1.1.0)
      sass (>= 3.1)
    haml (4.0.3)
      tilt
    listen (1.2.2)
      rb-fsevent (>= 0.9.3)
      rb-inotify (>= 0.9)
      rb-kqueue (>= 0.2)
    lumberjack (1.0.4)
    method_source (0.8.1)
    minitest (5.0.4)
    posix-spawn (0.3.6)
    pry (0.9.12.2)
      coderay (~> 1.0.5)
      method_source (~> 0.8)
      slop (~> 3.4)
    pygments.rb (0.5.2)
      posix-spawn (~> 0.3.6)
      yajl-ruby (~> 1.1.0)
    rb-fsevent (0.9.3)
    rb-inotify (0.9.0)
      ffi (>= 0.5.0)
    rb-kqueue (0.2.0)
      ffi (>= 0.5.0)
    rkelly (1.0.7)
    sass (3.2.9)
    sexp_processor (4.2.1)
    slop (3.4.5)
    thor (0.18.1)
    tilt (1.4.1)
    yajl-ruby (1.1.0)

PLATFORMS
  ruby

DEPENDENCIES
  guard
  guard-haml
  guard-minitest
  guard-sass
  haml
  minitest
  pygments.rb
  rb-fsevent
  rkelly
  sass
  sexp_processor
